GEM
  remote: https://rubygems.org/
  specs:
    mini_portile2 (2.1.0)
    nokogiri (1.7.0.1)
      mini_portile2 (~> 2.1.0)
    pg (0.19.0)
    rack (2.0.1)
    rack-test (0.6.3)
      rack (>= 1.0)
    sequel (4.43.0)

PLATFORMS
  ruby

DEPENDENCIES
  nokogiri
  pg
  rack-test
  sequel

BUNDLED WITH
   1.14.2
